GEM
  remote: https://rubygems.org/
  specs:
    mustermann (1.0.0)
    rack (2.0.3)
    rack-protection (2.0.0)
      rack
    sequel (4.48.0)
    sinatra (2.0.0)
      mustermann (~> 1.0)
      rack (~> 2.0)
      rack-protection (= 2.0.0)
      tilt (~> 2.0)
    sqlite3 (1.3.13)
    tilt (2.0.7)

PLATFORMS
  ruby

DEPENDENCIES
  sequel (~> 4.48)
  sinatra (~> 2.0)
  sqlite3 (~> 1.3, >= 1.3.13)

BUNDLED WITH
   1.15.1
